PATH
  remote: .
  specs:
    converge-pg (0.0.1.pre.alpha.2)
      activesupport (~> 4)
      converge (~> 0)
      pg

GEM
  remote: https://rubygems.org/
  specs:
    activesupport (4.1.6)
      i18n (~> 0.6, >= 0.6.9)
      json (~> 1.7, >= 1.7.7)
      minitest (~> 5.1)
      thread_safe (~> 0.1)
      tzinfo (~> 1.1)
    converge (0.0.1.pre.alpha.2)
      activesupport (~> 4)
      hydrogen (~> 0)
    coveralls (0.7.1)
      multi_json (~> 1.3)
      rest-client
      simplecov (>= 0.7)
      term-ansicolor
      thor
    docile (1.1.5)
    hydrogen (0.0.1.pre.alpha.3)
    i18n (0.6.11)
    json (1.8.1)
    metaclass (0.0.4)
    mime-types (2.3)
    minitest (5.4.2)
    mocha (1.1.0)
      metaclass (~> 0.0.1)
    multi_json (1.10.1)
    netrc (0.7.7)
    pg (0.17.1)
    power_assert (0.1.4)
    rake (10.3.2)
    rest-client (1.7.2)
      mime-types (>= 1.16, < 3.0)
      netrc (~> 0.7)
    simplecov (0.9.1)
      docile (~> 1.1.0)
      multi_json (~> 1.0)
      simplecov-html (~> 0.8.0)
    simplecov-html (0.8.0)
    term-ansicolor (1.3.0)
      tins (~> 1.0)
    test-unit (3.0.1)
      power_assert
    thor (0.19.1)
    thread_safe (0.3.4)
    tins (1.3.3)
    tzinfo (1.2.2)
      thread_safe (~> 0.1)

PLATFORMS
  ruby

DEPENDENCIES
  bundler (~> 1.6)
  converge-pg!
  coveralls
  mocha (~> 1)
  rake (~> 10.0)
  simplecov (~> 0)
  test-unit (~> 3)
